PATH
  remote: .
  specs:
    metric_fu (2.1.2)
      activesupport (>= 2.0.0)
      arrayfields (>= 4.7.4)
      chronic (~> 0.3.0)
      churn (>= 0.0.7)
      fattr (>= 2.2.0)
      flay (>= 1.2.1)
      flog (>= 2.3.0)
      japgolly-Saikuro (>= 1.1.1.0)
      map (>= 4.3.0)
      rails_best_practices (>= 0.6.4)
      reek (>= 1.2.6)
      roodi (>= 2.1.0)
      simplecov-rcov (>= 0.2.3)
      syntax (>= 1.0.0)

GEM
  remote: http://rubygems.org/
  specs:
    activesupport (3.2.2)
      i18n (~> 0.6)
      multi_json (~> 1.0)
    arrayfields (4.7.4)
    chronic (0.3.0)
    churn (0.0.13)
      chronic (>= 0.2.3)
      hirb
      json_pure
      main
      ruby_parser (~> 2.0.4)
      sexp_processor (~> 3.0.3)
    colored (1.2)
    erubis (2.7.0)
    fattr (2.2.1)
    flay (1.4.3)
      ruby_parser (~> 2.0)
      sexp_processor (~> 3.0)
    flog (2.5.3)
      ruby_parser (~> 2.0)
      sexp_processor (~> 3.0)
    googlecharts (1.6.8)
    hirb (0.6.1)
    i18n (0.6.0)
    japgolly-Saikuro (1.1.1.0)
    json_pure (1.6.5)
    main (4.7.1)
    map (5.2.0)
    multi_json (1.1.0)
    progressbar (0.10.0)
    rails_best_practices (1.9.0)
      activesupport
      colored
      erubis
      i18n
      progressbar
      sexp_processor
    rake (0.9.2.2)
    reek (1.2.8)
      ruby2ruby (~> 1.2)
      ruby_parser (~> 2.0)
      sexp_processor (~> 3.0)
    roodi (2.1.0)
      ruby_parser
    rspec (1.3.0)
    ruby2ruby (1.3.1)
      ruby_parser (~> 2.0)
      sexp_processor (~> 3.0)
    ruby_parser (2.0.6)
      sexp_processor (~> 3.0)
    sexp_processor (3.0.10)
    simplecov (0.6.1)
      multi_json (~> 1.0)
      simplecov-html (~> 0.5.3)
    simplecov-html (0.5.3)
    simplecov-rcov (0.2.3)
      simplecov (>= 0.4.1)
    syntax (1.0.0)
    test-construct (1.2.0)

PLATFORMS
  ruby

DEPENDENCIES
  googlecharts
  metric_fu!
  rake
  rspec (= 1.3.0)
  test-construct (>= 1.2.0)
